GIT
  remote: git://github.com/HouseTrip/routemaster_client
  revision: 8c9ee46ecab050236d6f791cb253683995cd8002
  branch: prototype
  specs:
    routemaster-client (0.0.1)
      faraday
      net-http-persistent
      sinatra

GEM
  remote: http://yarp.dev/
  specs:
    coderay (1.1.0)
    dotenv (0.10.0)
    faraday (0.9.0)
      multipart-post (>= 1.2, < 3)
    foreman (0.63.0)
      dotenv (>= 0.7)
      thor (>= 0.13.6)
    kgio (2.9.2)
    method_source (0.8.2)
    multipart-post (2.0.0)
    net-http-persistent (2.9.4)
    pry (0.9.12.6)
      coderay (~> 1.0)
      method_source (~> 0.8)
      slop (~> 3.4)
    pry-nav (0.2.3)
      pry (~> 0.9.10)
    rack (1.5.2)
    rack-protection (1.5.3)
      rack
    raindrops (0.13.0)
    sinatra (1.4.5)
      rack (~> 1.4)
      rack-protection (~> 1.4)
      tilt (~> 1.3, >= 1.3.4)
    slop (3.5.0)
    thor (0.19.1)
    tilt (1.4.1)
    unicorn (4.8.2)
      kgio (~> 2.6)
      rack
      raindrops (~> 0.7)

PLATFORMS
  ruby

DEPENDENCIES
  foreman
  pry
  pry-nav
  routemaster-client!
  sinatra
  unicorn
